GIT
  remote: git@github.com:tdg5/octopress-gist.git
  revision: 77e36d8e9aef40a4b02bae380d9a12fe56166e7e
  branch: master
  specs:
    octopress-gist (1.3.5)
      octopress-code-highlighter (~> 4.2)

GEM
  remote: https://rubygems.org/
  specs:
    colorator (0.1)
    ffi (1.9.10)
    jekyll (3.0.0.pre.beta8)
      colorator (~> 0.1)
      jekyll-sass-converter (~> 1.0)
      jekyll-watch (~> 1.1)
      kramdown (~> 1.3)
      liquid (~> 3.0)
      mercenary (~> 0.3.3)
      rouge (~> 1.7)
      safe_yaml (~> 1.0)
    jekyll-sass-converter (1.4.0)
      sass (~> 3.4)
    jekyll-watch (1.3.1)
      listen (~> 3.0)
    kramdown (1.9.0)
    liquid (3.0.6)
    listen (3.0.6)
      rb-fsevent (>= 0.9.3)
      rb-inotify (>= 0.9.7)
    mercenary (0.3.5)
    method_source (0.8.2)
    octopress-code-highlighter (4.2.6)
      colorator (~> 0.1)
      octopress-hooks
    octopress-hooks (2.6.1)
      jekyll (>= 2.0)
    rb-fsevent (0.9.7)
    rb-inotify (0.9.7)
      ffi (>= 0.5.0)
    rouge (1.10.1)
    safe_yaml (1.0.4)
    sass (3.4.21)
    tco_method (0.2.0)
      method_source (~> 0)

PLATFORMS
  ruby

DEPENDENCIES
  jekyll (= 3.0.0.pre.beta8)
  octopress-gist!
  tco_method

BUNDLED WITH
   1.10.6
